GEM
  remote: http://rubygems.org/
  specs:
    archive-tar-minitar (0.5.2)
    bluecloth (2.1.0)
    bluecloth (2.1.0-x86-mingw32)
    builder (3.0.0)
    childprocess (0.2.2)
      ffi (~> 1.0.6)
    cucumber (1.1.0)
      builder (>= 2.1.2)
      diff-lcs (>= 1.1.2)
      gherkin (~> 2.5.0)
      json (>= 1.4.6)
      term-ansicolor (>= 1.0.6)
    diff-lcs (1.1.3)
    ffi (1.0.9)
    ffi (1.0.9-x86-mingw32)
    gherkin (2.5.4)
      json (>= 1.4.6)
    gherkin (2.5.4-x86-mingw32)
      json (>= 1.4.6)
    git (1.2.5)
    jeweler (1.5.2)
      bundler (~> 1.0.0)
      git (>= 1.2.5)
      rake
    json (1.6.1)
    json_pure (1.6.1)
    mime-types (1.16)
    rake (0.9.2)
    rcov (0.9.11)
    relish (0.5.3)
      archive-tar-minitar (>= 0.5.2)
      json (>= 1.4.6)
      rest-client (>= 1.6.1)
    rest-client (1.6.7)
      mime-types (>= 1.16)
    rspec (2.7.0)
      rspec-core (~> 2.7.0)
      rspec-expectations (~> 2.7.0)
      rspec-mocks (~> 2.7.0)
    rspec-core (2.7.0)
    rspec-expectations (2.7.0)
      diff-lcs (~> 1.1.2)
    rspec-mocks (2.7.0)
    rubyzip (0.9.4)
    selenium-webdriver (2.8.0)
      childprocess (>= 0.2.1)
      ffi (>= 1.0.7)
      json_pure
      rubyzip
    term-ansicolor (1.0.7)
    watir-webdriver (0.3.5)
      selenium-webdriver (>= 0.2.2)
    yard (0.7.3)

PLATFORMS
  ruby
  x86-mingw32

DEPENDENCIES
  bluecloth
  bundler (~> 1.0.0)
  cucumber
  jeweler (~> 1.5.2)
  rcov
  relish
  rspec
  watir-webdriver (>= 0.2.0)
  yard
