PATH
  remote: .
  specs:
    watir-page-helper (0.4.0)
      ripl
      watir-webdriver

GEM
  remote: http://rubygems.org/
  specs:
    bond (0.4.1)
    builder (3.0.0)
    childprocess (0.3.1)
      ffi (~> 1.0.6)
    cucumber (1.1.9)
      builder (>= 2.1.2)
      diff-lcs (>= 1.1.2)
      gherkin (~> 2.9.0)
      json (>= 1.4.6)
      term-ansicolor (>= 1.0.6)
    diff-lcs (1.1.3)
    ffi (1.0.11)
    gherkin (2.9.0)
      json (>= 1.4.6)
    gherkin (2.9.0-x86-mingw32)
      json (>= 1.4.6)
    json (1.6.5)
    multi_json (1.0.4)
    rake (0.9.2.2)
    ripl (0.6.2)
      bond (~> 0.4.0)
    rspec (2.8.0)
      rspec-core (~> 2.8.0)
      rspec-expectations (~> 2.8.0)
      rspec-mocks (~> 2.8.0)
    rspec-core (2.8.0)
    rspec-expectations (2.8.0)
      diff-lcs (~> 1.1.2)
    rspec-mocks (2.8.0)
    rubyzip (0.9.6.1)
    selenium-webdriver (2.19.0)
      childprocess (>= 0.2.5)
      ffi (~> 1.0.9)
      multi_json (~> 1.0.4)
      rubyzip
    term-ansicolor (1.0.7)
    watir-webdriver (0.5.3)
      selenium-webdriver (>= 2.12.0)

PLATFORMS
  ruby
  x86-mingw32

DEPENDENCIES
  cucumber
  rake
  rspec
  watir-page-helper!
